GEM
  remote: https://rubygems.org/
  specs:
    bashcov (3.2.0)
      simplecov (~> 0.21)
    docile (1.4.1)
    simplecov (0.22.0)
      docile (~> 1.1)
      simplecov-html (~> 0.11)
      simplecov_json_formatter (~> 0.1)
    simplecov-html (0.13.2)
    simplecov-lcov (0.9.0)
    simplecov_json_formatter (0.1.4)

PLATFORMS
  arm64-darwin
  ruby
  x64-mingw-ucrt
  x86_64-darwin
  x86_64-linux

DEPENDENCIES
  bashcov (>= 3.2)
  simplecov-lcov

RUBY VERSION
   ruby 3.4.5p51

BUNDLED WITH
   2.7.2
