GEM
  remote: https://rubygems.org/
  specs:
    bashcov (3.2.0)
      simplecov (~> 0.21)
    docile (1.4.1)
    simplecov (0.22.0)
      docile (~> 1.1)
      simplecov-html (~> 0.11)
      simplecov_json_formatter (~> 0.1)
    simplecov-html (0.13.2)
    simplecov-lcov (0.9.0)
    simplecov_json_formatter (0.1.4)

PLATFORMS
  ruby

DEPENDENCIES
  bashcov (>= 3.2)
  simplecov-lcov

BUNDLED WITH
   2.5.23
